PATH
  remote: .
  specs:
    songkick (0.1.0)

GEM
  remote: https://rubygems.org/
  specs:
    coderay (1.1.2)
    date (3.3.3)
    method_source (0.9.2)
    nokogiri (1.15.3-x86_64-linux)
      racc (~> 1.4)
    open-uri (0.3.0)
      stringio
      time
      uri
    pry (0.12.2)
      coderay (~> 1.1.0)
      method_source (~> 0.9.0)
    racc (1.7.1)
    rake (13.0.6)
    stringio (3.0.7)
    time (0.2.2)
      date
    uri (0.12.2)

PLATFORMS
  x86_64-linux

DEPENDENCIES
  bundler (~> 2.0)
  nokogiri
  open-uri
  pry
  rake (~> 13.0)
  songkick!

BUNDLED WITH
   2.0.1
